GEM
  remote: https://rubygems.org/
  specs:
    aws-eventstream (1.2.0)
    aws-partitions (1.563.0)
    aws-sdk-core (3.128.0)
      aws-eventstream (~> 1, >= 1.0.2)
      aws-partitions (~> 1, >= 1.525.0)
      aws-sigv4 (~> 1.1)
      jmespath (~> 1.0)
    aws-sdk-kms (1.55.0)
      aws-sdk-core (~> 3, >= 3.127.0)
      aws-sigv4 (~> 1.1)
    aws-sdk-s3 (1.113.0)
      aws-sdk-core (~> 3, >= 3.127.0)
      aws-sdk-kms (~> 1)
      aws-sigv4 (~> 1.4)
    aws-sigv4 (1.4.0)
      aws-eventstream (~> 1, >= 1.0.2)
    jmespath (1.6.0)
    json (2.6.1)
    mail (2.7.1)
      mini_mime (>= 0.1.1)
    mini_mime (1.1.2)

PLATFORMS
  ruby

DEPENDENCIES
  aws-sdk-s3
  json
  mail

RUBY VERSION
   ruby 3.0.0p0

BUNDLED WITH
   2.2.13
